GEM
  remote: https://rubygems.org/
  specs:
    httparty (0.20.0)
      mime-types (~> 3.0)
      multi_xml (>= 0.5.2)
    json (2.6.1)
    mime-types (3.4.1)
      mime-types-data (~> 3.2015)
    mime-types-data (3.2022.0105)
    mini_portile2 (2.8.5)
    multi_xml (0.6.0)
    nokogiri (1.15.4)
      mini_portile2 (~> 2.8.2)
      racc (~> 1.4)
    pp (0.2.1)
      prettyprint
    prettyprint (0.1.1)
    racc (1.7.3)
    thor (1.3.0)

PLATFORMS
  ruby

DEPENDENCIES
  httparty
  json
  nokogiri
  pp
  thor

BUNDLED WITH
   2.4.22
