GEM
  remote: https://rubygems.org/
  specs:
    mini_portile2 (2.8.5)
    nokogiri (1.15.4)
      mini_portile2 (~> 2.8.2)
      racc (~> 1.4)
    racc (1.7.3)
    thor (1.3.0)

PLATFORMS
  ruby

DEPENDENCIES
  nokogiri
  thor

BUNDLED WITH
   2.4.22
